GEM
  remote: https://rubygems.org/
  specs:
    eventmachine (1.0.7)
    ffi (1.9.8)
    hitimes (1.2.2)
    pi_piper (1.3.2)
      ffi
    timers (4.0.1)
      hitimes

PLATFORMS
  ruby

DEPENDENCIES
  eventmachine
  pi_piper
  timers
